PATH
  remote: .
  specs:
    adam12-authentication (0.0.1)

GEM
  remote: https://rubygems.org/
  specs:
    hoe (4.0.2)
      rake (>= 0.8, < 15.0)
    hoe-doofus (1.0.0)
    hoe-gemspec2 (1.3.0)
      hoe
    psych (5.0.2)
      stringio
    rake (13.0.6)
    rdoc (6.5.0)
      psych (>= 4.0.0)
    stringio (3.0.4)

PLATFORMS
  arm64-darwin-21

DEPENDENCIES
  adam12-authentication!
  hoe (~> 4.0)
  hoe-doofus (~> 1.0)
  hoe-gemspec2 (~> 1.1)
  rdoc (>= 4.0, < 7)

BUNDLED WITH
   2.3.26
