PATH
  remote: .
  specs:
    adam12-authentication (0.0.1)

GEM
  remote: https://rubygems.org/
  specs:
    ast (2.4.2)
    bcrypt (3.1.20)
    json (2.6.3)
    language_server-protocol (3.17.0.2)
    minitest (5.17.0)
    minitest-autotest (1.1.1)
      minitest-server (~> 1.0)
      path_expander (~> 1.0)
    minitest-server (1.0.7)
      minitest (~> 5.16)
    parallel (1.22.1)
    parser (3.2.0.0)
      ast (~> 2.4.1)
    path_expander (1.1.1)
    psych (5.0.2)
      stringio
    rainbow (3.1.1)
    rdoc (6.5.0)
      psych (>= 4.0.0)
    regexp_parser (2.6.2)
    rexml (3.2.5)
    rubocop (1.42.0)
      json (~> 2.3)
      parallel (~> 1.10)
      parser (>= 3.1.2.1)
      rainbow (>= 2.2.2, < 4.0)
      regexp_parser (>= 1.8, < 3.0)
      rexml (>= 3.2.5, < 4.0)
      rubocop-ast (>= 1.24.1, < 2.0)
      ruby-progressbar (~> 1.7)
      unicode-display_width (>= 1.4.0, < 3.0)
    rubocop-ast (1.24.1)
      parser (>= 3.1.1.0)
    rubocop-performance (1.15.2)
      rubocop (>= 1.7.0, < 2.0)
      rubocop-ast (>= 0.4.0)
    ruby-progressbar (1.11.0)
    sequel (5.64.0)
    sqlite3 (1.6.0-arm64-darwin)
    standard (1.22.1)
      language_server-protocol (~> 3.17.0.2)
      rubocop (= 1.42.0)
      rubocop-performance (= 1.15.2)
    stringio (3.0.4)
    unicode-display_width (2.4.2)

PLATFORMS
  arm64-darwin-21
  arm64-darwin-23

DEPENDENCIES
  adam12-authentication!
  bcrypt (~> 3.1)
  minitest (~> 5.17)
  minitest-autotest (~> 1.1)
  rdoc (>= 4.0, < 7)
  sequel (~> 5.64)
  sqlite3 (~> 1.6)
  standard (~> 1.22.1)

BUNDLED WITH
   2.3.26
